GEM
  remote: https://rubygems.org/
  specs:
    byebug (11.1.3)
    tty-cursor (0.7.1)
    tty-spinner (0.9.3)
      tty-cursor (~> 0.7)

PLATFORMS
  x86_64-linux

DEPENDENCIES
  byebug (~> 11.1, >= 11.1.3)
  tty-cursor
  tty-spinner

BUNDLED WITH
   2.3.20
